GIT
  remote: git://github.com/kejadlen/minitest.git
  revision: 86cdd42b768b39c5aed5482c2688c5917b2b94c2
  specs:
    minitest (2.0)

GEM
  remote: http://rubygems.org/
  specs:
    ZenTest (4.7.0)
    coderay (1.0.6)
    ffi (1.0.11)
    fivemat (1.0.0)
    guard (1.0.1)
      ffi (>= 0.5.0)
      thor (~> 0.14.6)
    guard-bundler (0.1.3)
      bundler (>= 1.0.0)
      guard (>= 0.2.2)
    guard-minitest (0.5.0)
      guard (>= 0.4)
    method_source (0.7.1)
    pry (0.9.8.4)
      coderay (~> 1.0.5)
      method_source (~> 0.7.1)
      slop (>= 2.4.4, < 3)
    pry_debug (0.0.1)
      pry (~> 0.9.0)
    rb-readline (0.4.2)
    slop (2.4.4)
    thor (0.14.6)

PLATFORMS
  ruby

DEPENDENCIES
  ZenTest
  fivemat
  guard
  guard-bundler
  guard-minitest
  minitest (= 2.0)!
  pry
  pry_debug
  rb-readline
