GEM
  remote: http://rubygems.org/
  specs:
    ZenTest (4.7.0)
    addressable (2.2.8)
    coderay (1.0.6)
    em-websocket (0.3.6)
      addressable (>= 2.1.1)
      eventmachine (>= 0.12.9)
    eventmachine (0.12.10)
    ffi (1.0.11)
    fivemat (1.0.0)
    guard (1.0.1)
      ffi (>= 0.5.0)
      thor (~> 0.14.6)
    guard-bundler (0.1.3)
      bundler (>= 1.0.0)
      guard (>= 0.2.2)
    guard-minitest (0.5.0)
      guard (>= 0.4)
    method_source (0.7.1)
    minitest (3.0.1)
    multi_json (1.3.4)
    pry (0.9.8.4)
      coderay (~> 1.0.5)
      method_source (~> 0.7.1)
      slop (>= 2.4.4, < 3)
    pry-nav (0.2.0)
      pry (~> 0.9.8.1)
    rb-readline (0.4.2)
    simplecov (0.6.2)
      multi_json (~> 1.3)
      simplecov-html (~> 0.5.3)
    simplecov-html (0.5.3)
    slop (2.4.4)
    thor (0.14.6)

PLATFORMS
  ruby

DEPENDENCIES
  ZenTest
  em-websocket
  eventmachine
  fivemat
  guard
  guard-bundler
  guard-minitest
  minitest (~> 3.0)
  pry
  pry-nav
  rb-readline
  simplecov
